GEM
  remote: https://gem.fury.io/meroxa/
  specs:
    turbine (0.1.0)
      grpc

GEM
  remote: https://rubygems.org/
  specs:
    google-protobuf (3.21.5)
    googleapis-common-protos-types (1.4.0)
      google-protobuf (~> 3.14)
    grpc (1.48.0)
      google-protobuf (~> 3.19)
      googleapis-common-protos-types (~> 1.0)

PLATFORMS
  arm64-darwin-21

DEPENDENCIES
  turbine!

BUNDLED WITH
   2.3.7
