GIT
  remote: https://github.com/meroxa/turbine.git
  revision: 26fba1616047d0bc78c3d9fd502d0712855b7d36
  branch: main
  specs:
    turbine (0.1.0)
      grpc (~> 1.48)

GEM
  remote: https://rubygems.org/
  specs:
    coderay (1.1.3)
    google-protobuf (3.21.6)
    googleapis-common-protos-types (1.4.0)
      google-protobuf (~> 3.14)
    grpc (1.48.0)
      google-protobuf (~> 3.19)
      googleapis-common-protos-types (~> 1.0)
    method_source (1.0.0)
    pry (0.14.1)
      coderay (~> 1.1)
      method_source (~> 1.0)

PLATFORMS
  arm64-darwin-21

DEPENDENCIES
  pry
  turbine!

BUNDLED WITH
   2.3.7
